GEM
  remote: https://rubygems.org/
  specs:
    RubyInline (3.12.4)
      ZenTest (~> 4.3)
    ZenTest (4.11.0)
    axiom-types (0.1.1)
      descendants_tracker (~> 0.0.4)
      ice_nine (~> 0.11.0)
      thread_safe (~> 0.3, >= 0.3.1)
    bgg-api (0.0.2)
      httparty
      xml-simple
    coercible (1.0.0)
      descendants_tracker (~> 0.0.1)
    crass (1.0.2)
    descendants_tracker (0.0.4)
      thread_safe (~> 0.3, >= 0.3.1)
    domain_name (0.5.25)
      unf (>= 0.0.5, < 1.0.0)
    dotenv (2.0.2)
    equalizer (0.0.11)
    eventmachine (1.0.8)
    faraday (0.9.2)
      multipart-post (>= 1.2, < 3)
    faraday_middleware (0.10.0)
      faraday (>= 0.7.4, < 0.10)
    faye-websocket (0.10.2)
      eventmachine (>= 0.12.0)
      websocket-driver (>= 0.5.1)
    fuzzy-string-match (0.9.7)
      RubyInline (>= 3.8.6)
    http-cookie (1.0.2)
      domain_name (~> 0.5)
    http_router (0.11.2)
      rack (>= 1.0.0)
      url_mount (~> 0.2.1)
    httparty (0.13.7)
      json (~> 1.8)
      multi_xml (>= 0.5.2)
    i18n (0.7.0)
    ice_nine (0.11.1)
    json (1.8.3)
    lita (4.7.0)
      bundler (>= 1.3)
      faraday (>= 0.8.7)
      http_router (>= 0.11.2)
      i18n (>= 0.6.9)
      ice_nine (>= 0.11.0)
      multi_json (>= 1.7.7)
      puma (>= 2.7.1)
      rack (>= 1.5.2)
      rb-readline (>= 0.5.1)
      redis-namespace (>= 1.3.0)
      thor (>= 0.18.1)
    lita-applause (0.0.2)
      lita (>= 4.0)
    lita-boardgamegeek (0.1.1)
      bgg-api (= 0.0.2)
      lita (>= 4.3)
    lita-catfacts (0.0.4)
      lita (>= 2.3)
    lita-chm (0.0.1)
      lita (>= 3.2.0)
      nokogiri
    lita-dice (0.0.1)
      lita (>= 2.7)
    lita-directions (1.0.3)
      lita (>= 4.1)
      rest-client
    lita-dogebomb (1.0.0)
      lita (>= 2.0)
    lita-down-for-everyone (0.0.4)
      lita
    lita-eightball (1.0.4)
      lita (>= 2.0)
    lita-excuses (0.0.6)
      lita (>= 2.2)
      nokogiri
    lita-fortune (0.0.3)
      lita (>= 2.0)
    lita-github-status (0.1.0)
      lita (>= 4.3)
    lita-goforit (0.1.0)
      lita (>= 4.3)
    lita-google (1.1.0)
      lita (>= 4.0)
    lita-google-images (3.0.0)
      lita (>= 4.0)
    lita-hal-9000 (0.1.1)
      lita (>= 4.0)
    lita-howdoi (0.0.3)
      lita (>= 4.2)
      nokogiri
    lita-mtg (0.1.2)
      lita (>= 4.7)
      mtg_sdk (>= 2.0.0)
    lita-nashdev-resources (1.0.1)
      lita (>= 4.4)
    lita-poll (1.0.2)
      lita (>= 4.2.1)
    lita-rimshot (0.1.1)
      lita (>= 3.0.0)
    lita-rules (0.0.1)
      lita (>= 3.0)
    lita-shipit (0.1.0)
      lita (>= 4.0)
    lita-slack (1.7.2)
      eventmachine
      faraday
      faye-websocket (>= 0.8.0)
      lita (>= 4.6.0)
      multi_json
    lita-snack (0.1.0)
      lita (>= 4.3)
    lita-time (0.1.0)
      lita (>= 3.3)
    lita-trivia (1.0.0)
      fuzzy-string-match (~> 0.9)
      lita (>= 4.7)
    lita-vader (0.2.0)
      lita (>= 4.2)
    lita-weather (0.0.4)
      lita (>= 2.3)
    lita-wikipedia (0.1.0)
      lita (>= 3.1)
      nokogiri (>= 1.6.6)
      sanitize (>= 3.1.2)
    lita-xkcd (0.0.5)
      lita (>= 2.2)
    mime-types (2.99)
    mini_portile2 (2.0.0)
    mtg_sdk (2.0.0)
      faraday
      faraday_middleware
      json
      multi_json
      multi_xml
      roar
      virtus
    multi_json (1.11.2)
    multi_xml (0.5.5)
    multipart-post (2.0.0)
    netrc (0.11.0)
    nokogiri (1.6.7.1)
      mini_portile2 (~> 2.0.0.rc2)
    nokogumbo (1.4.7)
      nokogiri
    puma (2.15.3)
    rack (1.6.4)
    rb-readline (0.5.3)
    redis (3.2.2)
    redis-namespace (1.5.2)
      redis (~> 3.0, >= 3.0.4)
    representable (2.3.0)
      uber (~> 0.0.7)
    rest-client (1.8.0)
      http-cookie (>= 1.0.2, < 2.0)
      mime-types (>= 1.16, < 3.0)
      netrc (~> 0.7)
    roar (1.0.4)
      representable (>= 2.0.1, < 2.4.0)
    sanitize (4.0.1)
      crass (~> 1.0.2)
      nokogiri (>= 1.4.4)
      nokogumbo (~> 1.4.1)
    thor (0.19.1)
    thread_safe (0.3.5)
    uber (0.0.15)
    unf (0.1.4)
      unf_ext
    unf_ext (0.0.7.1)
    url_mount (0.2.1)
      rack
    virtus (1.0.5)
      axiom-types (~> 0.1)
      coercible (~> 1.0)
      descendants_tracker (~> 0.0, >= 0.0.3)
      equalizer (~> 0.0, >= 0.0.9)
    websocket-driver (0.6.3)
      websocket-extensions (>= 0.1.0)
    websocket-extensions (0.1.2)
    xml-simple (1.1.5)

PLATFORMS
  ruby

DEPENDENCIES
  dotenv
  lita
  lita-applause
  lita-boardgamegeek
  lita-catfacts
  lita-chm
  lita-dice
  lita-directions
  lita-dogebomb
  lita-down-for-everyone
  lita-eightball
  lita-excuses
  lita-fortune
  lita-github-status
  lita-goforit
  lita-google
  lita-google-images
  lita-hal-9000
  lita-howdoi
  lita-mtg
  lita-nashdev-resources (>= 1.0.1)
  lita-poll
  lita-rimshot
  lita-rules
  lita-shipit
  lita-slack
  lita-snack
  lita-time
  lita-trivia (= 1.0.0)
  lita-vader
  lita-weather
  lita-wikipedia
  lita-xkcd

BUNDLED WITH
   1.11.2
